GEM
  remote: https://rubygems.org/
  specs:
    anthropic (1.9.0)
      connection_pool
    connection_pool (2.5.4)

PLATFORMS
  arm64-darwin-24
  ruby

DEPENDENCIES
  anthropic (~> 1.9)

BUNDLED WITH
   2.7.1
